GEM
  remote: http://rubygems.org/
  specs:
    em-synchrony (0.2.0)
      eventmachine (>= 0.12.9)
    eventmachine (0.12.10)
    hiredis (0.3.2)
    redis (2.2.1)

PLATFORMS
  ruby

DEPENDENCIES
  em-synchrony
  hiredis (~> 0.3.1)
  redis (~> 2.2.0)
